GEM
  remote: http://rubygems.org/
  specs:
    POpen4 (0.1.4)
      Platform (>= 0.4.0)
      open4
    Platform (0.4.0)
    backup (3.0.20)
      POpen4 (~> 0.1.4)
      thor (~> 0.14.6)
    open4 (1.3.0)
    thor (0.14.6)

PLATFORMS
  ruby

DEPENDENCIES
  backup
